PATH
  remote: .
  specs:
    validates_uniqueness_via_association (0.4.0)
      activerecord (>= 7.0.0, < 8.1.0)

GEM
  remote: https://rubygems.org/
  specs:
    activemodel (8.0.2.1)
      activesupport (= 8.0.2.1)
    activerecord (8.0.2.1)
      activemodel (= 8.0.2.1)
      activesupport (= 8.0.2.1)
      timeout (>= 0.4.0)
    activesupport (8.0.2.1)
      base64
      benchmark (>= 0.3)
      bigdecimal
      concurrent-ruby (~> 1.0, >= 1.3.1)
      connection_pool (>= 2.2.5)
      drb
      i18n (>= 1.6, < 2)
      logger (>= 1.4.2)
      minitest (>= 5.1)
      securerandom (>= 0.3)
      tzinfo (~> 2.0, >= 2.0.5)
      uri (>= 0.13.1)
    base64 (0.3.0)
    benchmark (0.4.1)
    bigdecimal (3.2.2)
    bump (0.10.0)
    concurrent-ruby (1.3.5)
    connection_pool (2.5.3)
    drb (2.2.3)
    i18n (1.14.7)
      concurrent-ruby (~> 1.0)
    logger (1.7.0)
    maxitest (6.0.0)
      minitest (>= 5.20.0, < 5.26.0)
    mini_portile2 (2.8.9)
    minitest (5.25.5)
    rake (13.3.0)
    securerandom (0.4.1)
    single_cov (1.11.0)
    sqlite3 (2.7.3)
      mini_portile2 (~> 2.8.0)
    timeout (0.4.3)
    tzinfo (2.0.6)
      concurrent-ruby (~> 1.0)
    uri (1.0.3)

PLATFORMS
  ruby

DEPENDENCIES
  activerecord
  bump
  maxitest
  rake
  single_cov
  sqlite3
  validates_uniqueness_via_association!

BUNDLED WITH
   2.5.20
