PATH
  remote: .
  specs:
    validates_uniqueness_via_association (0.2.0)
      activerecord (>= 5.1.0, <= 6.2.0)

GEM
  remote: https://rubygems.org/
  specs:
    activemodel (6.1.2.1)
      activesupport (= 6.1.2.1)
    activerecord (6.1.2.1)
      activemodel (= 6.1.2.1)
      activesupport (= 6.1.2.1)
    activesupport (6.1.2.1)
      concurrent-ruby (~> 1.0, >= 1.0.2)
      i18n (>= 1.6, < 2)
      minitest (>= 5.1)
      tzinfo (~> 2.0)
      zeitwerk (~> 2.3)
    bump (0.10.0)
    concurrent-ruby (1.1.8)
    i18n (1.8.9)
      concurrent-ruby (~> 1.0)
    maxitest (3.6.0)
      minitest (>= 5.0.0, < 5.14.0)
    minitest (5.13.0)
    rake (13.0.3)
    single_cov (1.6.0)
    sqlite3 (1.4.2)
    tzinfo (2.0.4)
      concurrent-ruby (~> 1.0)
    zeitwerk (2.4.2)

PLATFORMS
  ruby

DEPENDENCIES
  activerecord
  bump
  maxitest
  rake
  single_cov
  sqlite3
  validates_uniqueness_via_association!

BUNDLED WITH
   2.1.4
