PATH
  remote: .
  specs:
    validates_uniqueness_via_association (0.0.0)
      activerecord (>= 5.1.0, < 6.0.0)

GEM
  remote: https://rubygems.org/
  specs:
    activemodel (5.1.4)
      activesupport (= 5.1.4)
    activerecord (5.1.4)
      activemodel (= 5.1.4)
      activesupport (= 5.1.4)
      arel (~> 8.0)
    activesupport (5.1.4)
      concurrent-ruby (~> 1.0, >= 1.0.2)
      i18n (~> 0.7)
      minitest (~> 5.1)
      tzinfo (~> 1.1)
    arel (8.0.0)
    bump (0.5.4)
    concurrent-ruby (1.0.5)
    i18n (0.9.1)
      concurrent-ruby (~> 1.0)
    maxitest (2.4.0)
      minitest (>= 5.0.0, < 5.11.0)
    minitest (5.10.3)
    rake (12.3.0)
    single_cov (0.7.0)
    sqlite3 (1.3.13)
    thread_safe (0.3.6)
    tzinfo (1.2.4)
      thread_safe (~> 0.1)

PLATFORMS
  ruby

DEPENDENCIES
  activerecord
  bump
  maxitest
  rake
  single_cov
  sqlite3
  validates_uniqueness_via_association!
