PATH
  remote: .
  specs:
    validates_uniqueness_via_association (0.1.0)
      activerecord (>= 5.1.0, < 6.1.0)

GEM
  remote: https://rubygems.org/
  specs:
    activemodel (6.0.2.2)
      activesupport (= 6.0.2.2)
    activerecord (6.0.2.2)
      activemodel (= 6.0.2.2)
      activesupport (= 6.0.2.2)
    activesupport (6.0.2.2)
      concurrent-ruby (~> 1.0, >= 1.0.2)
      i18n (>= 0.7, < 2)
      minitest (~> 5.1)
      tzinfo (~> 1.1)
      zeitwerk (~> 2.2)
    bump (0.9.0)
    concurrent-ruby (1.1.6)
    i18n (1.8.2)
      concurrent-ruby (~> 1.0)
    maxitest (3.6.0)
      minitest (>= 5.0.0, < 5.14.0)
    minitest (5.13.0)
    rake (13.0.1)
    single_cov (1.3.2)
    sqlite3 (1.4.2)
    thread_safe (0.3.6)
    tzinfo (1.2.7)
      thread_safe (~> 0.1)
    zeitwerk (2.3.0)

PLATFORMS
  ruby

DEPENDENCIES
  activerecord
  bump
  maxitest
  rake
  single_cov
  sqlite3
  validates_uniqueness_via_association!

BUNDLED WITH
   1.17.2
